GEM
  remote: https://rubygems.org/
  specs:
    eventmachine (1.0.3)
    mini_portile (0.6.0)
    nokogiri (1.6.3.1)
      mini_portile (= 0.6.0)
    rack (1.5.2)
    rack-protection (1.5.3)
      rack
    sinatra (1.4.5)
      rack (~> 1.4)
      rack-protection (~> 1.4)
      tilt (~> 1.3, >= 1.3.4)
    tilt (1.4.1)
    zipruby (0.3.6)

PLATFORMS
  ruby

DEPENDENCIES
  eventmachine
  nokogiri
  sinatra
  zipruby
